GEM
  specs:
    sass (3.4.14)

PLATFORMS
  ruby

DEPENDENCIES
  sass (~> 3.4.14)
